GEM
  remote: https://rubygems.org/
  specs:
    addressable (2.3.8)
    backports (3.11.1)
    dnsruby (1.60.2)
    json (1.8.6)
    mime-types (1.25.1)
    multi_json (1.13.1)
    mustermann (1.0.2)
    rack (2.0.4)
    rack-protection (2.0.1)
      rack
    rest-client (1.6.9)
      mime-types (~> 1.16)
    sinatra (2.0.1)
      mustermann (~> 1.0)
      rack (~> 2.0)
      rack-protection (= 2.0.1)
      tilt (~> 2.0)
    sinatra-contrib (2.0.1)
      backports (>= 2.0)
      multi_json
      mustermann (~> 1.0)
      rack-protection (= 2.0.1)
      sinatra (= 2.0.1)
      tilt (>= 1.3, < 3)
    tilt (2.0.8)
    unirest (1.1.2)
      addressable (~> 2.3.5)
      json (~> 1.8.1)
      rest-client (~> 1.6.7)

PLATFORMS
  ruby

DEPENDENCIES
  dnsruby
  sinatra
  sinatra-contrib
  unirest

BUNDLED WITH
   1.16.1
